GEM
  remote: https://rubygems.org/
  specs:
    daemons (1.4.1)
    ddtrace (1.12.1)
      debase-ruby_core_source (= 3.2.1)
      libdatadog (~> 2.0.0.1.0)
      libddwaf (~> 1.9.0.0.0)
      msgpack
    debase-ruby_core_source (3.2.1)
    eventmachine (1.2.7)
    ffi (1.15.5)
    libdatadog (2.0.0.1.0)
    libdatadog (2.0.0.1.0-x86_64-linux)
    libddwaf (1.9.0.0.1-arm64-darwin)
      ffi (~> 1.0)
    libddwaf (1.9.0.0.1-x86_64-linux)
      ffi (~> 1.0)
    msgpack (1.7.2)
    mustermann (3.0.0)
      ruby2_keywords (~> 0.0.1)
    rack (2.2.7)
    rack-protection (3.0.6)
      rack
    ruby2_keywords (0.0.5)
    sinatra (3.0.6)
      mustermann (~> 3.0)
      rack (~> 2.2, >= 2.2.4)
      rack-protection (= 3.0.6)
      tilt (~> 2.0)
    thin (1.8.2)
      daemons (~> 1.0, >= 1.0.9)
      eventmachine (~> 1.0, >= 1.0.4)
      rack (>= 1, < 3)
    tilt (2.2.0)

PLATFORMS
  arm64-darwin-21
  x86_64-linux

DEPENDENCIES
  ddtrace
  sinatra
  thin

BUNDLED WITH
   2.2.33
